PATH
  remote: .
  specs:
<<<<<<< HEAD
    u3d (0.9.0)
=======
    u3d (0.9)
>>>>>>> 5b7523188815eab28fd5d0633b2eb3c0427d7553
      colored (>= 1.2, < 2.0.0)
      commander (>= 4.4.0, < 5.0.0)
      inifile (>= 3.0.0, < 4.0.0)
      plist (>= 3.1.0, < 4.0.0)
      security (= 0.1.3)

GEM
  remote: https://rubygems.org/
  specs:
    ast (2.3.0)
    builder (3.2.3)
    coderay (1.1.1)
    colored (1.2)
    commander (4.4.3)
      highline (~> 1.7.2)
    coveralls (0.8.21)
      json (>= 1.8, < 3)
      simplecov (~> 0.14.1)
      term-ansicolor (~> 1.3)
      thor (~> 0.19.4)
      tins (~> 1.6)
    diff-lcs (1.3)
    docile (1.1.5)
    highline (1.7.8)
    inifile (3.0.0)
    json (2.1.0)
    method_source (0.8.2)
    parser (2.4.0.0)
      ast (~> 2.2)
    plist (3.3.0)
    powerpack (0.1.1)
    pry (0.10.4)
      coderay (~> 1.1.0)
      method_source (~> 0.8.1)
      slop (~> 3.4)
    rainbow (2.2.2)
      rake
    rake (10.5.0)
    rspec (3.1.0)
      rspec-core (~> 3.1.0)
      rspec-expectations (~> 3.1.0)
      rspec-mocks (~> 3.1.0)
    rspec-core (3.1.7)
      rspec-support (~> 3.1.0)
    rspec-expectations (3.1.2)
      diff-lcs (>= 1.2.0, < 2.0)
      rspec-support (~> 3.1.0)
    rspec-mocks (3.1.3)
      rspec-support (~> 3.1.0)
    rspec-support (3.1.2)
    rspec_junit_formatter (0.2.3)
      builder (< 4)
      rspec-core (>= 2, < 4, != 2.12.0)
    rubocop (0.44.1)
      parser (>= 2.3.1.1, < 3.0)
      powerpack (~> 0.1)
      rainbow (>= 1.99.1, < 3.0)
      ruby-progressbar (~> 1.7)
      unicode-display_width (~> 1.0, >= 1.0.1)
    ruby-progressbar (1.8.1)
    security (0.1.3)
    simplecov (0.14.1)
      docile (~> 1.1.0)
      json (>= 1.8, < 3)
      simplecov-html (~> 0.10.0)
    simplecov-html (0.10.1)
    slop (3.6.0)
    term-ansicolor (1.6.0)
      tins (~> 1.0)
    thor (0.19.4)
    tins (1.14.0)
    unicode-display_width (1.2.1)

PLATFORMS
  ruby
  x86-mingw32

DEPENDENCIES
  bundler (~> 1.13)
  coveralls
  pry
  rake (~> 10.0)
  rspec (~> 3.1.0)
  rspec_junit_formatter (~> 0.2.3)
  rubocop (~> 0.44.0)
  u3d!

BUNDLED WITH
<<<<<<< HEAD
   1.15.1
=======
   1.15.2
>>>>>>> 5b7523188815eab28fd5d0633b2eb3c0427d7553
